GEM
  remote: http://rubygems.org/
  specs:
    activemodel (3.0.10)
      activesupport (= 3.0.10)
      builder (~> 2.1.2)
      i18n (~> 0.5.0)
    activesupport (3.0.10)
    async-rack (0.5.1)
      rack (~> 1.1)
    bson (1.4.0)
    bson_ext (1.4.0)
    builder (2.1.2)
    cramp (0.15.1)
      activesupport (~> 3.0.9)
      eventmachine (~> 1.0.0.beta.3)
      rack (~> 1.3.2)
      thor (~> 0.14.6)
    daemons (1.1.4)
    eventmachine (1.0.0.beta.4)
    http_router (0.10.2)
      rack (>= 1.0.0)
      url_mount (~> 0.2.1)
    i18n (0.5.0)
    json (1.6.1)
    mongo (1.4.0)
      bson (= 1.4.0)
    mongo_mapper (0.9.2)
      activemodel (~> 3.0)
      activesupport (~> 3.0)
      plucky (~> 0.3.8)
    plucky (0.3.8)
      mongo (~> 1.3)
    rack (1.3.3)
    slim (1.0.2)
      temple (~> 0.3.3)
      tilt (~> 1.3.2)
    stockery (0.4.2)
      json
    temple (0.3.4)
    thin (1.2.11)
      daemons (>= 1.0.9)
      eventmachine (>= 0.12.6)
      rack (>= 1.0.0)
    thor (0.14.6)
    tilt (1.3.3)
    url_mount (0.2.1)
      rack

PLATFORMS
  ruby

DEPENDENCIES
  async-rack
  bson_ext (= 1.4.0)
  cramp
  http_router
  mongo (= 1.4.0)
  mongo_mapper
  slim
  stockery
  thin
